NUGET
  remote: https://nuget.org/api/v2
  specs:
    Newtonsoft.Json (8.0.3)
    NUnit (2.6.4)
    NUnit.Runners (2.6.4)
